PATH
  remote: .
  specs:
    apill (4.1.0)
      human_error (~> 3.1)
      json-jwt (~> 1.5)
      jwt (~> 1.5)

GEM
  remote: https://rubygems.org/
  specs:
    activesupport (4.2.4)
      i18n (~> 0.7)
      json (~> 1.7, >= 1.7.7)
      minitest (~> 5.1)
      thread_safe (~> 0.3, >= 0.3.4)
      tzinfo (~> 1.1)
    bindata (2.1.0)
    chamber (2.8.0)
      hashie (~> 3.3)
      thor (~> 0.19.1)
    diff-lcs (1.2.5)
    fuubar (2.0.0)
      rspec (~> 3.0)
      ruby-progressbar (~> 1.4)
    hashie (3.4.0)
    human_error (3.1.0)
    i18n (0.7.0)
    json (1.8.3)
    json-jwt (1.5.1)
      activesupport
      bindata
      multi_json (>= 1.3)
      securecompare
      url_safe_base64
    jwt (1.5.2)
    minitest (5.8.2)
    multi_json (1.11.2)
    rspec (3.0.0)
      rspec-core (~> 3.0.0)
      rspec-expectations (~> 3.0.0)
      rspec-mocks (~> 3.0.0)
    rspec-core (3.0.0)
      rspec-support (~> 3.0.0)
    rspec-expectations (3.0.0)
      diff-lcs (>= 1.2.0, < 2.0)
      rspec-support (~> 3.0.0)
    rspec-mocks (3.0.0)
      rspec-support (~> 3.0.0)
    rspec-support (3.0.0)
    rspectacular (0.50.0)
      fuubar (~> 2.0.beta)
      rspec (~> 3.0.beta)
    ruby-progressbar (1.5.1)
    securecompare (1.0.0)
    thor (0.19.1)
    thread_safe (0.3.5)
    tzinfo (1.2.2)
      thread_safe (~> 0.1)
    url_safe_base64 (0.2.2)

PLATFORMS
  ruby

DEPENDENCIES
  apill!
  chamber
  rspec (~> 3.0)
  rspectacular (~> 0.50)

BUNDLED WITH
   1.10.6
