PATH
  remote: .
  specs:
    apill (1.4.0)
      human_error (~> 1.7)

GEM
  remote: https://rubygems.org/
  specs:
    diff-lcs (1.2.5)
    fuubar (2.0.0.rc1)
      rspec (~> 3.0.rc1)
      ruby-progressbar (~> 1.4)
    human_error (1.7.1)
    rspec (3.0.0)
      rspec-core (~> 3.0.0)
      rspec-expectations (~> 3.0.0)
      rspec-mocks (~> 3.0.0)
    rspec-core (3.0.0)
      rspec-support (~> 3.0.0)
    rspec-expectations (3.0.0)
      diff-lcs (>= 1.2.0, < 2.0)
      rspec-support (~> 3.0.0)
    rspec-mocks (3.0.0)
      rspec-support (~> 3.0.0)
    rspec-support (3.0.0)
    rspectacular (0.38.0)
      fuubar (~> 2.0.beta)
      rspec (~> 3.0.beta)
    ruby-progressbar (1.5.1)

PLATFORMS
  ruby

DEPENDENCIES
  apill!
  rspec (~> 3.0)
  rspectacular (~> 0.38)
