PATH
  remote: .
  specs:
    apill (3.1.0)
      human_error (~> 3.0)

GEM
  remote: https://rubygems.org/
  specs:
    chamber (2.8.0)
      hashie (~> 3.3)
      thor (~> 0.19.1)
    diff-lcs (1.2.5)
    fuubar (2.0.0)
      rspec (~> 3.0)
      ruby-progressbar (~> 1.4)
    hashie (3.4.0)
    human_error (3.0.0)
    rspec (3.0.0)
      rspec-core (~> 3.0.0)
      rspec-expectations (~> 3.0.0)
      rspec-mocks (~> 3.0.0)
    rspec-core (3.0.0)
      rspec-support (~> 3.0.0)
    rspec-expectations (3.0.0)
      diff-lcs (>= 1.2.0, < 2.0)
      rspec-support (~> 3.0.0)
    rspec-mocks (3.0.0)
      rspec-support (~> 3.0.0)
    rspec-support (3.0.0)
    rspectacular (0.50.0)
      fuubar (~> 2.0.beta)
      rspec (~> 3.0.beta)
    ruby-progressbar (1.5.1)
    thor (0.19.1)

PLATFORMS
  ruby

DEPENDENCIES
  apill!
  chamber
  rspec (~> 3.0)
  rspectacular (~> 0.50)

BUNDLED WITH
   1.10.5
